PATH
  remote: .
  specs:
    promoting-interoperability-test-artifacts (0.0.1)
      erubis (~> 2.7)
      mustache
      nokogiri (~> 1.10)
      uuid (~> 2.3)

GEM
  remote: https://rubygems.org/
  specs:
    activemodel (6.0.3.4)
      activesupport (= 6.0.3.4)
    activesupport (6.0.3.4)
      concurrent-ruby (~> 1.0, >= 1.0.2)
      i18n (>= 0.7, < 2)
      minitest (~> 5.1)
      tzinfo (~> 1.1)
      zeitwerk (~> 2.2, >= 2.2.2)
    addressable (2.7.0)
      public_suffix (>= 2.0.2, < 5.0)
    ansi (1.5.0)
    ast (2.4.1)
    awesome_print (1.8.0)
    builder (3.2.4)
    bundler-audit (0.7.0.1)
      bundler (>= 1.2.0, < 3)
      thor (>= 0.18, < 2)
    byebug (11.1.3)
    cane (2.3.0)
      parallel
    codecov (0.2.12)
      json
      simplecov
    concurrent-ruby (1.1.7)
    crack (0.4.4)
    docile (1.3.2)
    erubis (2.7.0)
    factory_girl (4.1.0)
      activesupport (>= 3.0.0)
    hashdiff (1.0.1)
    i18n (1.8.5)
      concurrent-ruby (~> 1.0)
    json (2.3.1)
    log_switch (1.0.0)
    macaddr (1.7.2)
      systemu (~> 2.6.5)
    mini_portile2 (2.4.0)
    minitest (5.14.2)
    minitest-reporters (1.4.2)
      ansi
      builder
      minitest (>= 5.0)
      ruby-progressbar
    mustache (1.1.1)
    nokogiri (1.10.10)
      mini_portile2 (~> 2.4.0)
    nokogiri-diff (0.2.0)
      nokogiri (~> 1.5)
      tdiff (~> 0.3, >= 0.3.2)
    parallel (1.20.1)
    parser (2.7.2.0)
      ast (~> 2.4.1)
    powerpack (0.1.3)
    protected_attributes_continued (1.7.0)
      activemodel (>= 5.0)
    public_suffix (4.0.6)
    rainbow (3.0.0)
    rake (13.0.1)
    rubocop (0.52.1)
      parallel (~> 1.10)
      parser (>= 2.4.0.2, < 3.0)
      powerpack (~> 0.1)
      rainbow (>= 2.2.2, < 4.0)
      ruby-progressbar (~> 1.7)
      unicode-display_width (~> 1.0, >= 1.0.1)
    ruby-progressbar (1.10.1)
    simplecov (0.20.0)
      docile (~> 1.1)
      simplecov-html (~> 0.11)
      simplecov_json_formatter (~> 0.1)
    simplecov-html (0.12.3)
    simplecov_json_formatter (0.1.2)
    sync (0.5.0)
    systemu (2.6.5)
    tailor (1.1.5)
      log_switch (>= 0.3.0)
      term-ansicolor (>= 1.0.5)
      text-table (>= 1.2.2)
    tdiff (0.3.4)
    term-ansicolor (1.7.1)
      tins (~> 1.0)
    text-table (1.2.4)
    thor (1.0.1)
    thread_safe (0.3.6)
    tins (1.26.0)
      sync
    tzinfo (1.2.8)
      thread_safe (~> 0.1)
    unicode-display_width (1.7.0)
    uuid (2.3.9)
      macaddr (~> 1.0)
    webmock (3.10.0)
      addressable (>= 2.3.6)
      crack (>= 0.3.2)
      hashdiff (>= 0.4.0, < 2.0.0)
    zeitwerk (2.4.2)

PLATFORMS
  ruby

DEPENDENCIES
  awesome_print
  bundler-audit
  byebug
  cane (~> 2.3.0)
  codecov
  factory_girl (~> 4.1.0)
  minitest (~> 5.3)
  minitest-reporters
  nokogiri-diff
  promoting-interoperability-test-artifacts!
  protected_attributes_continued
  rake
  rubocop (~> 0.52.1)
  simplecov
  tailor (~> 1.1.2)
  webmock

BUNDLED WITH
   2.1.4
